GEM
  remote: https://rubygems.org/
  specs:
    ast (2.3.0)
    bacon (1.2.0)
    coderay (1.1.2)
    docile (1.1.5)
    ffi (1.9.14)
    json (2.0.2)
    method_source (0.9.0)
    parser (2.3.3.1)
      ast (~> 2.2)
    powerpack (0.1.1)
    pry (0.11.3)
      coderay (~> 1.1.0)
      method_source (~> 0.9.0)
    rainbow (2.2.1)
    rubocop (0.46.0)
      parser (>= 2.3.1.1, < 3.0)
      powerpack (~> 0.1)
      rainbow (>= 1.99.1, < 3.0)
      ruby-progressbar (~> 1.7)
      unicode-display_width (~> 1.0, >= 1.0.1)
    ruby-progressbar (1.8.1)
    simplecov (0.12.0)
      docile (~> 1.1.0)
      json (>= 1.8, < 3)
      simplecov-html (~> 0.10.0)
    simplecov-html (0.10.0)
    unicode-display_width (1.1.2)

PLATFORMS
  ruby

DEPENDENCIES
  ast!
  bacon!
  bundler!
  ffi!
  pry!
  rubocop!
  simplecov!

BUNDLED WITH
   1.14.6
